GIT
  remote: git://github.com/snormore/go.rake.git
  revision: fe3866c7027079b07826a62913f3add64cc03da8
  specs:
    go.rake (0.0.1)

GEM
  specs:

PLATFORMS
  ruby

DEPENDENCIES
  go.rake!
